GEM
  specs:
    activesupport (4.1.2)
      i18n (~> 0.6, >= 0.6.9)
      json (~> 1.7, >= 1.7.7)
      minitest (~> 5.1)
      thread_safe (~> 0.1)
      tzinfo (~> 1.1)
    eventmachine (1.0.3)
    eventmachine-distributed-notification (0.2.0)
      eventmachine
    i18n (0.6.11)
    json (1.8.1)
    minitest (5.4.3)
    thread_safe (0.3.4)
    tzinfo (1.2.2)
      thread_safe (~> 0.1)

PLATFORMS
  ruby

DEPENDENCIES
  activesupport (= 4.1.2)
  eventmachine (= 1.0.3)
  eventmachine-distributed-notification (= 0.2.0)
  json (= 1.8.1)
